GEM
  remote: https://rubygems.org/
  specs:
    actionmailer (3.2.13.rc1)
      actionpack (= 3.2.13.rc1)
      mail (~> 2.5.3)
    actionpack (3.2.13.rc1)
      activemodel (= 3.2.13.rc1)
      activesupport (= 3.2.13.rc1)
      builder (~> 3.0.0)
      erubis (~> 2.7.0)
      journey (~> 1.0.4)
      rack (~> 1.4.5)
      rack-cache (~> 1.2)
      rack-test (~> 0.6.1)
      sprockets (~> 2.2.1)
    activemodel (3.2.13.rc1)
      activesupport (= 3.2.13.rc1)
      builder (~> 3.0.0)
    activerecord (3.2.13.rc1)
      activemodel (= 3.2.13.rc1)
      activesupport (= 3.2.13.rc1)
      arel (~> 3.0.2)
      tzinfo (~> 0.3.29)
    activeresource (3.2.13.rc1)
      activemodel (= 3.2.13.rc1)
      activesupport (= 3.2.13.rc1)
    activesupport (3.2.13.rc1)
      i18n (= 0.6.1)
      multi_json (~> 1.0)
    addressable (2.3.3)
    arel (3.0.2)
    attr_required (0.0.3)
    builder (3.0.4)
    coffee-rails (3.2.2)
      coffee-script (>= 2.2.0)
      railties (~> 3.2.0)
    coffee-script (2.2.0)
      coffee-script-source
      execjs
    coffee-script-source (1.6.2)
    erubis (2.7.0)
    execjs (1.4.0)
      multi_json (~> 1.0)
    faraday (0.8.6)
      multipart-post (~> 1.1)
    fb_graph (2.0.2)
      httpclient (>= 2.2.0.2)
      rack-oauth2 (>= 0.8.0)
    gmaps4rails (1.5.6)
    hashie (1.2.0)
    hike (1.2.1)
    httpauth (0.2.0)
    httpclient (2.2.5)
    i18n (0.6.1)
    journey (1.0.4)
    jquery-rails (2.2.1)
      railties (>= 3.0, < 5.0)
      thor (>= 0.14, < 2.0)
    json (1.7.7)
    jwt (0.1.8)
      multi_json (>= 1.5)
    koala (1.6.0)
      addressable (~> 2.2)
      faraday (~> 0.8)
      multi_json (~> 1.3)
    mail (2.5.3)
      i18n (>= 0.4.0)
      mime-types (~> 1.16)
      treetop (~> 1.4.8)
    mime-types (1.21)
    multi_json (1.7.1)
    multipart-post (1.2.0)
    oauth2 (0.8.1)
      faraday (~> 0.8)
      httpauth (~> 0.1)
      jwt (~> 0.1.4)
      multi_json (~> 1.0)
      rack (~> 1.2)
    omniauth (1.1.3)
      hashie (~> 1.2)
      rack
    omniauth-facebook (1.4.0)
      omniauth-oauth2 (~> 1.0.2)
    omniauth-oauth2 (1.0.3)
      oauth2 (~> 0.8.0)
      omniauth (~> 1.0)
    polyglot (0.3.3)
    rack (1.4.5)
    rack-cache (1.2)
      rack (>= 0.4)
    rack-oauth2 (0.14.0)
      activesupport (>= 2.3)
      attr_required (>= 0.0.3)
      httpclient (>= 2.2.0.2)
      i18n
      json (>= 1.4.3)
      rack (>= 1.1)
    rack-ssl (1.3.3)
      rack
    rack-test (0.6.2)
      rack (>= 1.0)
    rails (3.2.13.rc1)
      actionmailer (= 3.2.13.rc1)
      actionpack (= 3.2.13.rc1)
      activerecord (= 3.2.13.rc1)
      activeresource (= 3.2.13.rc1)
      activesupport (= 3.2.13.rc1)
      bundler (~> 1.0)
      railties (= 3.2.13.rc1)
    railties (3.2.13.rc1)
      actionpack (= 3.2.13.rc1)
      activesupport (= 3.2.13.rc1)
      rack-ssl (~> 1.3.2)
      rake (>= 0.8.7)
      rdoc (~> 3.4)
      thor (>= 0.14.6, < 2.0)
    rake (10.0.3)
    rdoc (3.12.2)
      json (~> 1.4)
    sass (3.2.7)
    sass-rails (3.2.6)
      railties (~> 3.2.0)
      sass (>= 3.1.10)
      tilt (~> 1.3)
    sprockets (2.2.2)
      hike (~> 1.2)
      multi_json (~> 1.0)
      rack (~> 1.0)
      tilt (~> 1.1, != 1.3.0)
    sqlite3 (1.3.7)
    thor (0.17.0)
    tilt (1.3.6)
    treetop (1.4.12)
      polyglot
      polyglot (>= 0.3.1)
    tzinfo (0.3.37)
    uglifier (1.3.0)
      execjs (>= 0.3.0)
      multi_json (~> 1.0, >= 1.0.2)

PLATFORMS
  ruby

DEPENDENCIES
  coffee-rails (~> 3.2.1)
  fb_graph
  gmaps4rails
  jquery-rails
  koala
  omniauth-facebook (= 1.4.0)
  rails (= 3.2.13.rc1)
  sass-rails (~> 3.2.3)
  sqlite3
  uglifier (>= 1.0.3)
